GEM
  remote: https://rubygems.org/
  specs:
    addressable (2.8.4)
      public_suffix (>= 2.0.2, < 6.0)
    aws-eventstream (1.2.0)
    aws-sigv4 (1.5.2)
      aws-eventstream (~> 1, >= 1.0.2)
    aws_cf_signer (0.1.3)
    babosa (2.0.0)
    bigdecimal (3.1.4)
    bindex (0.8.1)
    bootsnap (1.16.0)
      msgpack (~> 1.2)
    byebug (11.1.3)
    cloudinary (1.26.0)
      aws_cf_signer
      rest-client (>= 2.0.0)
    colorator (1.1.0)
    concurrent-ruby (1.2.2)
    connection_pool (2.4.1)
    crack (0.4.5)
      rexml
    date (3.3.3)
    domain_name (0.5.20190701)
      unf (>= 0.0.5, < 1.0.0)
    em-websocket (0.5.3)
      eventmachine (>= 0.12.9)
      http_parser.rb (~> 0)
    etc (1.4.2)
    eventmachine (1.2.7)
    ffi (1.15.5)
    forwardable-extended (2.6.0)
    gdbm (2.1.0)
    gem-wrappers (1.4.0)
    google-protobuf (3.23.3)
    google-protobuf (3.23.3-x86_64-darwin)
    google-protobuf (3.23.3-x86_64-linux)
    http-accept (1.7.0)
    http-cookie (1.0.5)
      domain_name (~> 0.5)
    http_parser.rb (0.8.0)
    httparty (0.21.0)
      mini_mime (>= 1.0.0)
      multi_xml (>= 0.5.2)
    i18n (1.14.1)
      concurrent-ruby (~> 1.0)
    jekyll (4.3.2)
      addressable (~> 2.4)
      colorator (~> 1.0)
      em-websocket (~> 0.5)
      i18n (~> 1.0)
      jekyll-sass-converter (>= 2.0, < 4.0)
      jekyll-watch (~> 2.0)
      kramdown (~> 2.3, >= 2.3.1)
      kramdown-parser-gfm (~> 1.0)
      liquid (~> 4.0)
      mercenary (>= 0.3.6, < 0.5)
      pathutil (~> 0.9)
      rouge (>= 3.0, < 5.0)
      safe_yaml (~> 1.0)
      terminal-table (>= 1.8, < 4.0)
      webrick (~> 1.7)
    jekyll-feed (0.17.0)
      jekyll (>= 3.7, < 5.0)
    jekyll-paginate (1.1.0)
    jekyll-sass-converter (3.0.0)
      sass-embedded (~> 1.54)
    jekyll-seo-tag (2.8.0)
      jekyll (>= 3.8, < 5.0)
    jekyll-sitemap (1.4.0)
      jekyll (>= 3.7, < 5.0)
    jekyll-watch (2.2.1)
      listen (~> 3.0)
    kramdown (2.4.0)
      rexml
    kramdown-parser-gfm (1.1.0)
      kramdown (~> 2.0)
    language_server-protocol (3.17.0.3)
    liquid (4.0.4)
    listen (3.8.0)
      rb-fsevent (~> 0.10, >= 0.10.3)
      rb-inotify (~> 0.9, >= 0.9.10)
    mercenary (0.4.0)
    mime-types (3.4.1)
      mime-types-data (~> 3.2015)
    mime-types-data (3.2023.0218.1)
    mini_mime (1.1.2)
    mini_portile2 (2.8.5)
    msgpack (1.7.1)
    multi_xml (0.6.0)
    net-http-persistent (4.0.2)
      connection_pool (~> 2.2)
    netrc (0.11.0)
    nokogiri (1.15.6)
      mini_portile2 (~> 2.8.2)
      racc (~> 1.4)
    nokogiri (1.15.6-x86_64-darwin)
      racc (~> 1.4)
    nokogiri (1.15.6-x86_64-linux)
      racc (~> 1.4)
    paapi (0.1.8)
      aws-sigv4 (~> 1)
      net-http-persistent (~> 4.0, >= 4.0.1)
    pathutil (0.16.2)
      forwardable-extended (~> 2.6)
    prettier_print (1.2.1)
    public_suffix (5.0.1)
    racc (1.7.3)
    rake (13.0.6)
    rb-fsevent (0.11.2)
    rb-inotify (0.10.1)
      ffi (~> 1.0)
    rest-client (2.1.0)
      http-accept (>= 1.7.0, < 2.0)
      http-cookie (>= 1.0.2, < 2.0)
      mime-types (>= 1.16, < 4.0)
      netrc (~> 0.8)
    rexml (3.2.5)
    rouge (4.1.2)
    ruby-lsp (0.6.2)
      language_server-protocol (~> 3.17.0)
      sorbet-runtime
      syntax_tree (>= 6.1.1, < 7)
    safe_yaml (1.0.5)
    sass-embedded (1.63.6)
      google-protobuf (~> 3.23)
      rake (>= 13.0.0)
    sass-embedded (1.63.6-x86_64-darwin)
      google-protobuf (~> 3.23)
    sass-embedded (1.63.6-x86_64-linux-gnu)
      google-protobuf (~> 3.23)
    sorbet-runtime (0.5.10885)
    syntax_tree (6.1.1)
      prettier_print (>= 1.2.0)
    terminal-table (3.0.2)
      unicode-display_width (>= 1.1.1, < 3)
    thor (1.2.2)
    unf (0.1.4)
      unf_ext
    unf_ext (0.0.8.2)
    unicode-display_width (2.4.2)
    webrick (1.8.1)
    yourls (0.1.1)
      crack (>= 0.1.8)
      httparty (>= 0.6.1)

PLATFORMS
  ruby
  x86_64-darwin-17
  x86_64-linux

DEPENDENCIES
  babosa
  bigdecimal (>= 2.0.0)
  bindex (>= 0.8.1)
  bootsnap (>= 1.4.6)
  byebug (>= 11.1.3)
  cloudinary
  date (>= 3.0.0)
  etc (>= 1.1.0)
  ffi (>= 1.13.1)
  gdbm (>= 2.1.0)
  gem-wrappers (>= 1.4.0)
  jekyll-feed
  jekyll-paginate
  jekyll-seo-tag
  jekyll-sitemap
  nokogiri
  paapi
  public_suffix (>= 4.0.6)
  ruby-lsp
  sass-embedded (~> 1.63, >= 1.63.6)
  thor
  webrick (~> 1.7)
  yourls

RUBY VERSION
   ruby 3.2.2p53

BUNDLED WITH
   2.3.17
